PATH
  remote: .
  specs:
    astrails-safe (0.2.9)
      aws-s3 (~> 0.6.2)
      cloudfiles (~> 1.4.7)
      net-sftp (~> 2.0.4)

GEM
  remote: http://rubygems.org/
  specs:
    aws-s3 (0.6.2)
      builder
      mime-types
      xml-simple
    builder (3.0.0)
    cloudfiles (1.4.7)
      mime-types (>= 1.16)
    mime-types (1.17.2)
    net-sftp (2.0.4)
      net-ssh (>= 2.0.9)
    net-ssh (2.2.1)
    rake (0.8.7)
    rr (1.0.4)
    rspec (1.3.2)
    xml-simple (1.1.1)

PLATFORMS
  ruby

DEPENDENCIES
  astrails-safe!
  rake (= 0.8.7)
  rr (~> 1.0.4)
  rspec (~> 1.3.2)
