PATH
  remote: .
  specs:
    astrails-safe (0.2.9)
      aws-sdk (~> 1.2.3)
      cloudfiles (~> 1.4.7)
      net-sftp (~> 2.0.4)
      sentry-raven (~> 0.12)
      toadhopper (~> 2.0)

GEM
  remote: http://rubygems.org/
  specs:
    aws-sdk (1.2.6)
      httparty (~> 0.7)
      json (~> 1.4)
      nokogiri (>= 1.4.4)
      uuidtools (~> 2.1)
    cloudfiles (1.4.18)
      mime-types (>= 1.16)
    faraday (0.9.0)
      multipart-post (>= 1.2, < 3)
    httparty (0.13.3)
      json (~> 1.8)
      multi_xml (>= 0.5.2)
    json (1.8.1)
    mime-types (2.4.3)
    mini_portile (0.6.1)
    multi_xml (0.5.5)
    multipart-post (2.0.0)
    net-sftp (2.0.5)
      net-ssh (>= 2.0.9)
    net-ssh (2.9.1)
    nokogiri (1.6.5)
      mini_portile (~> 0.6.0)
    rake (10.1.1)
    rr (1.0.4)
    rspec (1.3.2)
    sentry-raven (0.12.2)
      faraday (>= 0.7.6)
    toadhopper (2.1)
    uuidtools (2.1.5)

PLATFORMS
  ruby

DEPENDENCIES
  astrails-safe!
  rake (~> 10.1.0)
  rr (~> 1.0.4)
  rspec (~> 1.3.2)
